PATH
  remote: .
  specs:
    ts-resque-delta (1.2.2)
      resque (~> 1.10)
      resque-lock-timeout (~> 0.4)
      riddle (>= 1.5)
      thinking-sphinx (>= 1.4.1)

GEM
  remote: http://rubygems.org/
  specs:
    activemodel (3.2.9)
      activesupport (= 3.2.9)
      builder (~> 3.0.0)
    activerecord (3.2.9)
      activemodel (= 3.2.9)
      activesupport (= 3.2.9)
      arel (~> 3.0.2)
      tzinfo (~> 0.3.29)
    activesupport (3.2.9)
      i18n (~> 0.6)
      multi_json (~> 1.0)
    appraisal (0.4.1)
      bundler
      rake
    arel (3.0.2)
    builder (3.0.4)
    cucumber (1.2.1)
      builder (>= 2.1.2)
      diff-lcs (>= 1.1.3)
      gherkin (~> 2.11.0)
      json (>= 1.4.6)
    database_cleaner (0.9.1)
    diff-lcs (1.1.3)
    fakefs (0.4.2)
    faraday (0.8.4)
      multipart-post (~> 1.1)
    faraday_middleware (0.9.0)
      faraday (>= 0.7.4, < 0.9)
    ffi (1.2.0)
    flying-sphinx (0.8.4)
      faraday_middleware (~> 0.7)
      multi_json (>= 1.0.1)
      rash (~> 0.3.0)
      riddle (>= 1.5.0)
      thinking-sphinx
    gherkin (2.11.5)
      json (>= 1.4.6)
    guard (0.8.8)
      thor (~> 0.14.6)
    guard-bundler (0.1.3)
      bundler (>= 1.0.0)
      guard (>= 0.2.2)
    guard-cucumber (0.7.5)
      cucumber (>= 0.10)
      guard (>= 0.8.3)
    guard-rspec (0.5.11)
      guard (>= 0.8.4)
    hashie (1.2.0)
    i18n (0.6.1)
    json (1.7.5)
    libnotify (0.8.0)
      ffi (>= 1.0.11)
    mock_redis (0.3.0)
    multi_json (1.3.7)
    multipart-post (1.1.5)
    mysql2 (0.3.11)
    rack (1.4.1)
    rack-protection (1.2.0)
      rack
    rake (10.0.2)
    rash (0.3.2)
      hashie (~> 1.2.0)
    rb-fsevent (0.9.2)
    rb-inotify (0.8.8)
      ffi (>= 0.5.0)
    redis (3.0.2)
    redis-namespace (1.2.1)
      redis (~> 3.0.0)
    resque (1.23.0)
      multi_json (~> 1.0)
      redis-namespace (~> 1.0)
      sinatra (>= 0.9.2)
      vegas (~> 0.1.2)
    resque-lock-timeout (0.4.1)
      resque (>= 1.8.0)
    riddle (1.5.3)
    rspec (2.10.0)
      rspec-core (~> 2.10.0)
      rspec-expectations (~> 2.10.0)
      rspec-mocks (~> 2.10.0)
    rspec-core (2.10.1)
    rspec-expectations (2.10.0)
      diff-lcs (~> 1.1.3)
    rspec-mocks (2.10.1)
    ruby_gntp (0.3.4)
    sinatra (1.3.3)
      rack (~> 1.3, >= 1.3.6)
      rack-protection (~> 1.2)
      tilt (~> 1.3, >= 1.3.3)
    thinking-sphinx (2.0.13)
      activerecord (>= 3.0.3)
      builder (>= 2.1.2)
      riddle (>= 1.5.3)
    thor (0.14.6)
    tilt (1.3.3)
    tzinfo (0.3.35)
    vegas (0.1.11)
      rack (>= 1.0.0)

PLATFORMS
  ruby

DEPENDENCIES
  activerecord (~> 3.2.0)
  appraisal (~> 0.4.1)
  cucumber
  database_cleaner (>= 0.5.2)
  fakefs (~> 0.4.0)
  flying-sphinx (>= 0.5.1)
  guard (~> 0.8.8)
  guard-bundler (~> 0.1.3)
  guard-cucumber (~> 0.7.4)
  guard-rspec (~> 0.5.8)
  libnotify
  mock_redis (~> 0.3.0)
  mysql2 (~> 0.3.11)
  rake (>= 0.8.7)
  rb-fsevent
  rb-inotify
  rspec (~> 2.10.0)
  ruby_gntp
  ts-resque-delta!
